PATH
  remote: .
  specs:
    searchlogic (2.5.19)
      activerecord (>= 3.2, < 4.0)
      activesupport (>= 3.2, < 4.0)

GEM
  remote: https://gems.railslts.com/
  specs:
    actionmailer (3.2.22.48)
      actionpack (= 3.2.22.48)
      mail (~> 2.5.4)
    actionpack (3.2.22.48)
      activemodel (= 3.2.22.48)
      activesupport (= 3.2.22.48)
      builder (~> 3.0)
      erubis (~> 2.7.0)
      journey (~> 1.0.4)
      rack (~> 1.4.5)
      rack-cache (~> 1.2)
      rack-test (~> 0.6.1)
      sprockets (= 2.2.3)
    activemodel (3.2.22.48)
      activesupport (= 3.2.22.48)
      builder (~> 3.0)
    activerecord (3.2.22.48)
      activemodel (= 3.2.22.48)
      activesupport (= 3.2.22.48)
      arel (~> 3.0.2)
      tzinfo (~> 0.3.61)
    activeresource (3.2.22.48)
      activemodel (= 3.2.22.48)
      activesupport (= 3.2.22.48)
    activesupport (3.2.22.48)
      i18n (>= 0.6.4, < 2)
      multi_json (~> 1.0)
    rack (1.4.7.19)
    rails (3.2.22.48)
      actionmailer (= 3.2.22.48)
      actionpack (= 3.2.22.48)
      activemodel (= 3.2.22.48)
      activerecord (= 3.2.22.48)
      activeresource (= 3.2.22.48)
      activesupport (= 3.2.22.48)
      bundler (>= 1.0)
      railslts-version (= 3.2.22.48)
      railties (= 3.2.22.48)
    railslts-version (3.2.22.48)
    railties (3.2.22.48)
      actionpack (= 3.2.22.48)
      activesupport (= 3.2.22.48)
      rack-ssl (~> 1.3)
      rake (>= 0.8.7)
      thor (>= 0.14.6, < 2.0)

GEM
  remote: https://rubygems.org/
  specs:
    appraisal (2.4.1)
      bundler
      rake
      thor (>= 0.14.0)
    arel (3.0.3)
    binding_of_caller (1.0.0)
      debug_inspector (>= 0.0.1)
    builder (3.3.0)
    coderay (1.1.3)
    concurrent-ruby (1.3.4)
    debug_inspector (1.1.0)
    diff-lcs (1.5.1)
    erubis (2.7.0)
    hike (1.2.3)
    i18n (1.14.6)
      concurrent-ruby (~> 1.0)
    interception (0.5)
    journey (1.0.4)
    mail (2.5.5)
      mime-types (~> 1.16)
      treetop (~> 1.4.8)
    method_source (1.0.0)
    mime-types (1.25.1)
    multi_json (1.15.0)
    pg (1.5.9)
    polyglot (0.3.5)
    pry (0.14.1)
      coderay (~> 1.1)
      method_source (~> 1.0)
    pry-rescue (1.5.2)
      interception (>= 0.5)
      pry (>= 0.12.0)
    pry-stack_explorer (0.6.1)
      binding_of_caller (~> 1.0)
      pry (~> 0.13)
    rack-cache (1.17.0)
      rack (>= 0.4)
    rack-ssl (1.4.1)
      rack
    rack-test (0.6.3)
      rack (>= 1.0)
    rake (10.5.0)
    rspec (2.99.0)
      rspec-core (~> 2.99.0)
      rspec-expectations (~> 2.99.0)
      rspec-mocks (~> 2.99.0)
    rspec-core (2.99.2)
    rspec-expectations (2.99.2)
      diff-lcs (>= 1.1.3, < 2.0)
    rspec-mocks (2.99.4)
    sprockets (2.2.3)
      hike (~> 1.2)
      multi_json (~> 1.0)
      rack (~> 1.0)
      tilt (~> 1.1, != 1.3.0)
    thor (1.3.2)
    tilt (1.4.1)
    timecop (0.9.10)
    treetop (1.4.15)
      polyglot
      polyglot (>= 0.3.1)
    tzinfo (0.3.62)

PLATFORMS
  ruby

DEPENDENCIES
  actionmailer!
  actionpack!
  activemodel!
  activerecord!
  activeresource!
  activesupport!
  appraisal
  pg
  pry
  pry-rescue
  pry-stack_explorer (~> 0.6.0)
  rails (~> 3.2)!
  railslts-version!
  railties!
  rake (< 11.0)
  rspec (~> 2.0)
  searchlogic!
  timecop

BUNDLED WITH
   2.4.22
