PATH
  remote: .
  specs:
    searchlogic (2.5.19)
      activerecord (< 5)
      activesupport (< 5)

GEM
  remote: https://rubygems.org/
  remote: https://gems.railslts.com/
  specs:
    actionmailer (4.2.11.33)
      actionpack (= 4.2.11.33)
      actionview (= 4.2.11.33)
      activejob (= 4.2.11.33)
      mail (~> 2.5, >= 2.5.4)
      rails-dom-testing (~> 1.0, >= 1.0.5)
    actionpack (4.2.11.33)
      actionview (= 4.2.11.33)
      activesupport (= 4.2.11.33)
      rack (~> 1.6)
      rack-test (~> 0.6.2)
      rails-dom-testing (~> 1.0, >= 1.0.5)
      rails-html-sanitizer (~> 1.0, >= 1.0.2)
    actionview (4.2.11.33)
      activesupport (= 4.2.11.33)
      builder (~> 3.1)
      erubis (~> 2.7.0)
      rails-dom-testing (~> 1.0, >= 1.0.5)
      rails-html-sanitizer (~> 1.0, >= 1.0.3)
    activejob (4.2.11.33)
      activesupport (= 4.2.11.33)
      globalid (>= 0.3.0)
    activemodel (4.2.11.33)
      activesupport (= 4.2.11.33)
      builder (~> 3.1)
    activerecord (4.2.11.33)
      activemodel (= 4.2.11.33)
      activesupport (= 4.2.11.33)
      arel (~> 6.0)
    activesupport (4.2.11.33)
      i18n (>= 0.7, < 2)
      minitest (~> 5.1)
      thread_safe (~> 0.3, >= 0.3.4)
      tzinfo (~> 1.2, >= 1.2.10)
    appraisal (2.4.1)
      bundler
      rake
      thor (>= 0.14.0)
    arel (6.0.4)
    binding_of_caller (1.0.0)
      debug_inspector (>= 0.0.1)
    builder (3.2.4)
    coderay (1.1.3)
    concurrent-ruby (1.2.2)
    crass (1.0.6)
    date (3.3.3)
    debug_inspector (1.1.0)
    diff-lcs (1.5.0)
    erubis (2.7.0)
    globalid (0.4.2)
      activesupport (>= 4.2.0)
    i18n (1.13.0)
      concurrent-ruby (~> 1.0)
    interception (0.5)
    loofah (2.21.3)
      crass (~> 1.0.2)
      nokogiri (>= 1.12.0)
    mail (2.8.1)
      mini_mime (>= 0.1.1)
      net-imap
      net-pop
      net-smtp
    method_source (1.0.0)
    mini_mime (1.1.2)
    mini_portile2 (2.8.2)
    minitest (5.18.0)
    net-imap (0.3.4)
      date
      net-protocol
    net-pop (0.1.2)
      net-protocol
    net-protocol (0.2.1)
      timeout
    net-smtp (0.3.3)
      net-protocol
    nokogiri (1.15.1)
      mini_portile2 (~> 2.8.2)
      racc (~> 1.4)
    pry (0.14.1)
      coderay (~> 1.1)
      method_source (~> 1.0)
    pry-rescue (1.5.2)
      interception (>= 0.5)
      pry (>= 0.12.0)
    pry-stack_explorer (0.6.1)
      binding_of_caller (~> 1.0)
      pry (~> 0.13)
    racc (1.6.2)
    rack (1.6.13.15)
    rack-test (0.6.3)
      rack (>= 1.0)
    rails (4.2.11.33)
      actionmailer (= 4.2.11.33)
      actionpack (= 4.2.11.33)
      actionview (= 4.2.11.33)
      activejob (= 4.2.11.33)
      activemodel (= 4.2.11.33)
      activerecord (= 4.2.11.33)
      activesupport (= 4.2.11.33)
      bundler (>= 1.3.0)
      railslts-version (= 4.2.11.33)
      railties (= 4.2.11.33)
      sprockets-rails
    rails-deprecated_sanitizer (1.0.4)
      activesupport (>= 4.2.0.alpha)
    rails-dom-testing (1.0.9)
      activesupport (>= 4.2.0, < 5.0)
      nokogiri (~> 1.6)
      rails-deprecated_sanitizer (>= 1.0.1)
    rails-html-sanitizer (1.5.0)
      loofah (~> 2.19, >= 2.19.1)
    railslts-version (4.2.11.33)
    railties (4.2.11.33)
      actionpack (= 4.2.11.33)
      activesupport (= 4.2.11.33)
      rake (>= 0.8.7)
      thor (>= 0.18.1, < 2.0)
    rake (10.5.0)
    rspec (2.99.0)
      rspec-core (~> 2.99.0)
      rspec-expectations (~> 2.99.0)
      rspec-mocks (~> 2.99.0)
    rspec-core (2.99.2)
    rspec-expectations (2.99.2)
      diff-lcs (>= 1.1.3, < 2.0)
    rspec-mocks (2.99.4)
    sprockets (4.1.1)
      concurrent-ruby (~> 1.0)
      rack (> 1, < 3)
    sprockets-rails (3.2.2)
      actionpack (>= 4.0)
      activesupport (>= 4.0)
      sprockets (>= 3.0.0)
    sqlite3 (1.4.4)
    thor (1.2.2)
    thread_safe (0.3.6)
    timecop (0.5.9.2)
    timeout (0.3.2)
    tzinfo (1.2.11)
      thread_safe (~> 0.1)

PLATFORMS
  ruby

DEPENDENCIES
  actionmailer!
  actionpack!
  actionview!
  activejob!
  activemodel!
  activerecord!
  activesupport!
  appraisal
  pry
  pry-rescue
  pry-stack_explorer (~> 0.6.0)
  rack!
  rails (~> 4.2)!
  railslts-version!
  railties!
  rake (< 11.0)
  rspec (~> 2)
  searchlogic!
  sqlite3 (~> 1.4.2)
  timecop (~> 0.5.9.1)

BUNDLED WITH
   1.17.3
